GEM
  remote: https://rubygems.org/
  specs:
    mini_portile (0.6.0)
    nokogiri (1.6.2.1)
      mini_portile (= 0.6.0)
    puma (2.9.0)
      rack (>= 1.1, < 2.0)
    rack (1.5.2)
    rack-protection (1.5.3)
      rack
    shotgun (0.9)
      rack (>= 1.0)
    sinatra (1.4.5)
      rack (~> 1.4)
      rack-protection (~> 1.4)
      tilt (~> 1.3, >= 1.3.4)
    tilt (1.4.1)
    yajl-ruby (1.2.1)

PLATFORMS
  ruby

DEPENDENCIES
  nokogiri
  puma
  shotgun
  sinatra
  yajl-ruby
